GEM
  remote: https://rubygems.org/
  specs:
    rubyzip (2.3.2)
    webrick (1.7.0)
    yard (0.9.28)
      webrick (~> 1.7.0)

PLATFORMS
  x86_64-linux

DEPENDENCIES
  rubyzip (~> 2.3)
  yard (~> 0.9)

BUNDLED WITH
   2.3.7
